PATH
  remote: .
  specs:
    rack-reproxy (1.0.0)
      rack

GEM
  remote: https://rubygems.org/
  specs:
    minitest (2.12.1)
    rack (1.4.1)
    rake (0.9.2.2)

PLATFORMS
  ruby

DEPENDENCIES
  minitest
  rack-reproxy!
  rake
