PATH
  remote: .
  specs:
    rack-reproxy (1.1.0)
      rack

GEM
  remote: https://rubygems.org/
  specs:
    minitest (5.3.1)
    rack (1.5.2)
    rake (10.2.2)

PLATFORMS
  ruby

DEPENDENCIES
  minitest (~> 5.3)
  rack-reproxy!
  rake (~> 10.2)
